GEM
  remote: https://rubygems.org/
  specs:
    cairo (1.15.10-x64-mingw32)
      native-package-installer (>= 1.0.3)
      pkg-config (>= 1.2.2)
    cairo-gobject (3.1.9-x64-mingw32)
      cairo
      glib2 (= 3.1.9)
    classy_hash (0.2.1)
    coderay (1.1.2)
    domain_name (0.5.20170404)
      unf (>= 0.0.5, < 1.0.0)
    ffi (1.9.18-x64-mingw32)
    formatador (0.2.5)
    gdk_pixbuf2 (3.1.9-x64-mingw32)
      gio2 (= 3.1.9)
    gio2 (3.1.9-x64-mingw32)
      glib2 (= 3.1.9)
      gobject-introspection (= 3.1.9)
    glib2 (3.1.9-x64-mingw32)
      cairo (>= 1.15.9)
      native-package-installer (>= 1.0.3)
      pkg-config (>= 1.2.2)
    gobject-introspection (3.1.9-x64-mingw32)
      glib2 (= 3.1.9)
    guard (2.14.1)
      formatador (>= 0.2.4)
      listen (>= 2.7, < 4.0)
      lumberjack (~> 1.0)
      nenv (~> 0.1)
      notiffany (~> 0.0)
      pry (>= 0.9.12)
      shellany (~> 0.0)
      thor (>= 0.18.1)
    guard-rake (1.0.0)
      guard
      rake
    highline (1.7.8)
    http-cookie (1.0.3)
      domain_name (~> 0.5)
    listen (3.1.5)
      rb-fsevent (~> 0.9, >= 0.9.4)
      rb-inotify (~> 0.9, >= 0.9.7)
      ruby_dep (~> 1.2)
    lumberjack (1.0.12)
    mercenary (0.3.6)
    method_source (0.9.0)
    mime-types (3.1)
      mime-types-data (~> 3.2015)
    mime-types-data (3.2016.0521)
    mini_portile2 (2.3.0)
    native-package-installer (1.0.4)
    nenv (0.3.0)
    netrc (0.11.0)
    nokogiri (1.8.1-x64-mingw32)
      mini_portile2 (~> 2.3.0)
    notiffany (0.1.1)
      nenv (~> 0.1)
      shellany (~> 0.0)
    pango (3.1.9-x64-mingw32)
      cairo (>= 1.14.0)
      cairo-gobject (= 3.1.9)
      gobject-introspection (= 3.1.9)
    pkg-config (1.2.8)
    pry (0.11.2)
      coderay (~> 1.1.0)
      method_source (~> 0.9.0)
    rake (12.2.1)
    rb-fsevent (0.10.2)
    rb-inotify (0.9.10)
      ffi (>= 0.5.0, < 2)
    rest-client (2.0.2-x64-mingw32)
      ffi (~> 1.9)
      http-cookie (>= 1.0.2, < 2.0)
      mime-types (>= 1.16, < 4.0)
      netrc (~> 0.8)
    roo (2.7.1)
      nokogiri (~> 1)
      rubyzip (~> 1.1, < 2.0.0)
    rsvg2 (3.1.9-x64-mingw32)
      cairo (>= 1.12.8)
      cairo-gobject (= 3.1.9)
      gdk_pixbuf2 (= 3.1.9)
      pango (>= 3.1.9)
    ruby-progressbar (1.9.0)
    ruby_dep (1.5.0)
    rubyzip (1.2.1)
    shellany (0.0.1)
    squib (0.14.0)
      cairo (= 1.15.10)
      classy_hash (= 0.2.1)
      gio2 (= 3.1.9)
      gobject-introspection (= 3.1.9)
      highline (= 1.7.8)
      mercenary (= 0.3.6)
      nokogiri (= 1.8.1)
      pango (= 3.1.9)
      roo (= 2.7.1)
      rsvg2 (= 3.1.9)
      ruby-progressbar (= 1.9.0)
    thor (0.20.0)
    unf (0.1.4)
      unf_ext
    unf_ext (0.0.7.4-x64-mingw32)

PLATFORMS
  x64-mingw32

DEPENDENCIES
  guard
  guard-rake
  rest-client
  squib

BUNDLED WITH
   1.15.4
